GEM
  remote: https://rubygems.org/
  specs:
    colorize (0.8.1)
    formatador (0.2.5)
    google (1.0.10)
      formatador (~> 0.2)
      htmlentities (~> 4)
      json (~> 1)
      ruby-readability (~> 0.5)
      trollop (~> 1)
    guess_html_encoding (0.0.11)
    htmlentities (4.3.4)
    json (1.8.6)
    mini_portile2 (2.3.0)
    nokogiri (1.8.5)
      mini_portile2 (~> 2.3.0)
    ruby-readability (0.7.0)
      guess_html_encoding (>= 0.0.4)
      nokogiri (>= 1.6.0)
    trollop (1.16.2)

PLATFORMS
  ruby

DEPENDENCIES
  bundler
  colorize
  google
  json
  nokogiri

RUBY VERSION
   ruby 2.5.1p57

BUNDLED WITH
   1.16.2
