GEM
  remote: https://rubygems.org/
  specs:
    colorize (0.8.1)
    gmail (0.7.1)
      gmail_xoauth (>= 0.3.0)
      mail (>= 2.2.1)
    gmail_xoauth (0.4.2)
      oauth (>= 0.3.6)
    httparty (0.16.2)
      multi_xml (>= 0.5.2)
    json (2.1.0)
    mail (2.7.1)
      mini_mime (>= 0.1.1)
    mini_mime (1.0.1)
    mini_portile2 (2.3.0)
    multi_xml (0.6.0)
    nokogiri (1.8.5)
      mini_portile2 (~> 2.3.0)
    oauth (0.5.4)

PLATFORMS
  ruby

DEPENDENCIES
  bundler
  colorize
  gmail
  httparty
  json
  nokogiri

RUBY VERSION
   ruby 2.5.1p57

BUNDLED WITH
   1.16.2
